GEM
  remote: https://rubygems.org/
  specs:
    concurrent-ruby (1.0.5)
    i18n (0.9.5)
      concurrent-ruby (~> 1.0)
    money (6.10.1)
      i18n (>= 0.6.4, < 1.0)

PLATFORMS
  ruby

DEPENDENCIES
  money

BUNDLED WITH
   1.16.1
